GEM
  remote: http://rubygems.org/
  specs:
    bcrypt (3.1.10)
    coderay (1.1.0)
    daemons (1.2.3)
    diff-lcs (1.2.5)
    dry-auto_inject (0.1.0)
    dry-configurable (0.1.2)
      thread_safe
    dry-container (0.2.6)
      dry-configurable (= 0.1.2)
      thread_safe
    dry-data (0.0.1)
      dry-container (~> 0.2)
      inflecto (~> 0.0.0, >= 0.0.2)
      kleisli (~> 0.2)
    dry-equalizer (0.2.0)
    dry-pipeline (0.0.1)
    eventmachine (1.0.8)
    fivemat (1.3.2)
    inflecto (0.0.2)
    kleisli (0.2.6)
    libv8 (3.16.14.13)
    method_source (0.8.2)
    pry (0.10.3)
      coderay (~> 1.1.0)
      method_source (~> 0.8.1)
      slop (~> 3.4)
    rack (1.6.4)
    rack-rewrite (1.5.1)
    rack-test (0.6.3)
      rack (>= 1.0)
    rake (10.4.2)
    ref (2.0.0)
    roda (2.8.0)
      rack
    rodakase (0.0.1)
      dry-auto_inject (~> 0.1)
      dry-configurable (~> 0.1)
      dry-container (~> 0.2)
      dry-equalizer (~> 0.2)
      inflecto (~> 0)
      roda (~> 2.7)
      tilt (~> 2.0)
      transflow (~> 0.3)
    rspec (3.4.0)
      rspec-core (~> 3.4.0)
      rspec-expectations (~> 3.4.0)
      rspec-mocks (~> 3.4.0)
    rspec-core (3.4.1)
      rspec-support (~> 3.4.0)
    rspec-expectations (3.4.0)
      diff-lcs (>= 1.2.0, < 2.0)
      rspec-support (~> 3.4.0)
    rspec-mocks (3.4.0)
      diff-lcs (>= 1.2.0, < 2.0)
      rspec-support (~> 3.4.0)
    rspec-support (3.4.1)
    scss (1.0.2)
    slim (3.0.6)
      temple (~> 0.7.3)
      tilt (>= 1.3.3, < 2.1)
    slop (3.6.0)
    temple (0.7.6)
    therubyracer (0.12.2)
      libv8 (~> 3.16.14.0)
      ref
    thin (1.6.4)
      daemons (~> 1.0, >= 1.0.9)
      eventmachine (~> 1.0, >= 1.0.4)
      rack (~> 1.0)
    thread_safe (0.3.5)
    tilt (2.0.1)
    transflow (0.3.0)
      dry-pipeline
      kleisli
      wisper
    wisper (1.6.1)

PLATFORMS
  ruby

DEPENDENCIES
  bcrypt
  dry-data
  fivemat
  pry
  rack-rewrite
  rack-test
  rake
  rodakase
  rspec
  scss
  slim
  therubyracer
  thin

BUNDLED WITH
   1.10.6
