GEM
  remote: http://rubygems.org/
  specs:
    coderay (1.0.9)
    commonjs (0.2.6)
    daemons (1.1.9)
    diff-lcs (1.2.3)
    eventmachine (1.0.3)
    fivemat (1.2.1)
    haml (4.0.2)
      tilt
    jsmin (1.0.1)
    less (2.3.2)
      commonjs (~> 0.2.6)
    libv8 (3.11.8.17)
    method_source (0.8.1)
    pry (0.9.12.1)
      coderay (~> 1.0.5)
      method_source (~> 0.8)
      slop (~> 3.4)
    rack (1.5.2)
    rack-protection (1.5.0)
      rack
    rack-rewrite (1.3.3)
    rack-test (0.6.2)
      rack (>= 1.0)
    rake (10.0.3)
    ref (1.0.4)
    rspec (2.13.0)
      rspec-core (~> 2.13.0)
      rspec-expectations (~> 2.13.0)
      rspec-mocks (~> 2.13.0)
    rspec-core (2.13.1)
    rspec-expectations (2.13.0)
      diff-lcs (>= 1.1.3, < 2.0)
    rspec-mocks (2.13.1)
    sinatra (1.4.2)
      rack (~> 1.5, >= 1.5.2)
      rack-protection (~> 1.4)
      tilt (~> 1.3, >= 1.3.4)
    sinatra-assetpack (0.3.2)
      jsmin
      rack-test
      sinatra
      tilt (>= 1.3.0, < 2.0)
    slop (3.4.4)
    therubyracer (0.11.4)
      libv8 (~> 3.11.8.12)
      ref
    thin (1.5.1)
      daemons (>= 1.0.9)
      eventmachine (>= 0.12.6)
      rack (>= 1.0.0)
    tilt (1.3.7)

PLATFORMS
  ruby

DEPENDENCIES
  fivemat
  haml
  less
  pry
  rack-rewrite
  rack-test
  rake
  rspec
  sinatra
  sinatra-assetpack
  therubyracer
  thin
